[System]
Scanner=SkyScan2214
Instrument S/N=20C18017
Software Version=1.8
Home Directory=C:\SkyScan2214\SkyScan2214 User Software
Source Type=Hamamatsu L10711
Camera Type=FlatPanel: 2...50um, 140mm max.FOV
Camera Pixel Size (um)=74.800
Camera X/Y Ratio=1.0030
[User]
User Name=Skyscan4
Computer Name=ANAMIC05
[Acquisition]
Data Directory=D:\Results\IEE Stickleback\PilotScans\F13_F3-07_14-15\whole_15um_proj
Filename Prefix=F13_F03-07_14-15~03
Number Of Files= 2205
Number Of Rows= 1944
Number Of Columns= 3072
Filename Index Length=8
Partial Width=OFF
Image crop origin X=0
Image crop origin Y=0
Camera binning=1x1
Image Rotation=0.20000
Optical Axis (line)= 1003
Object to Source (mm)=62.881
Camera to Source (mm)=313.563
Source Voltage (kV)=  60
Source Current (uA)= 177
Source Target Power (W)=5.02
Image Pixel Size (um)=15.000176
Scaled Image Pixel Size (um)=15.000176
Image Format=TIFF
Depth (bits)=16
Reference Intensity=58000
Exposure (ms)=785
Rotation Step (deg)=0.100
Use 360 Rotation=NO
High Aspect Ratio=NO
Scanning position=68.314 mm
Frame Averaging=OFF (3)
Flat Field Correction=ON
FF updating interval=315
Random Movement=OFF (40)
Filter=No Filter
Gantry direction=CW
Rotation Direction=CW
Intrinsic CS rotation in degree=0.0
Type of Detector Motion=STEP AND SHOOT
Scanning Trajectory=ROUND
Number of connected scans=4
Current scan number=4
Number of lines to be reconstructed=1356
Source Filament Type=W
Source spot size=Large
Suggested HU - Calibration=180000
Number Of Horizontal Offset Positions=1
Study Date and Time=19 Jul 2023  04h:45m:30s
Estimated Scan duration=8h:15m:16s
Scan duration=1h:49m:7s
Maximum vertical TS=0.0
Maximum horizontal TS=2.0
TS modified at=July19,10:34:18 ---  2205 of 2205 projections
TS modified according to=D:\Results\IEE Stickleback\PilotScans\F13_F3-07_14-15\whole_15um_proj\F13_F03-07_14-15~03_2DTransform.csv
TS modified at level=3
Extra Image Shift In X suggested (micron)=-3.667534
Extra Image Shift In Y suggested (micron)=-49.531776
Extra CS Rotation suggested (deg)=0.048978
[Reconstruction]
Pseudo-parallel projection calculated=1
