[System]
Scanner=SkyScan2214
Instrument S/N=20C18017
Software Version=1.8
Home Directory=C:\SkyScan2214\SkyScan2214 User Software
Source Type=Hamamatsu L10711
Camera Type=FlatPanel: 2...50um, 140mm max.FOV
Camera Pixel Size (um)=74.800
Camera X/Y Ratio=1.0050
[User]
User Name=Skyscan4
Computer Name=ANAMIC05
[Acquisition]
Data Directory=D:\Results\IEE Stickleback\BucketOfFish_P\proj
Filename Prefix=StickleBucket_P~00
Number Of Files= 3601
Number Of Rows= 1944
Number Of Columns= 3066
Filename Index Length=8
Partial Width=OFF
Image crop origin X=0
Image crop origin Y=0
Camera binning=1x1
Image Rotation=0.18000
Optical Axis (line)= 1003
Object to Source (mm)=67.072
Camera to Source (mm)=313.563
Source Voltage (kV)=  60
Source Current (uA)= 120
Source Target Power (W)=4.06
Image Pixel Size (um)=15.999933
Scaled Image Pixel Size (um)=15.999933
Image Format=TIFF
Depth (bits)=16
Reference Intensity=58000
Exposure (ms)=1199
Rotation Step (deg)=0.100
Use 360 Rotation=YES
High Aspect Ratio=NO
Scanning position=15.759 mm
Frame Averaging=OFF (7)
Flat Field Correction=ON
FF updating interval=515
Random Movement=OFF (40)
Filter=No Filter
Gantry direction=CW
Rotation Direction=CW
Intrinsic CS rotation in degree=0.0
Type of Detector Motion=STEP AND SHOOT
Scanning Trajectory=ROUND
Number of connected scans=3
Current scan number=1
Number of lines to be reconstructed=1450
Source Filament Type=W
Source spot size=Large
Suggested HU - Calibration=180000
Number Of Horizontal Offset Positions=1
Study Date and Time=07 Mar 2024  19h:35m:59s
Estimated Scan duration=10h:3m:9s
Scan duration=3h:48m:47s
Maximum Vertical TS=0.0
Maximum Horizontal TS=0.0
TS modified at=March08,08:18:08 ---  3601 of 3601 projections
TS modified according to=D:\Results\IEE Stickleback\BucketOfFish_P\proj\StickleBucket_P~00_2DTransform.csv
TS modified at level=3
[Reconstruction]
Pseudo-parallel projection calculated=1
