[System]
Scanner=SkyScan2214
Instrument S/N=20C18017
Software Version=1.8
Home Directory=C:\SkyScan2214\SkyScan2214 User Software
Source Type=Hamamatsu L10711
Camera Type=FlatPanel: 2...50um, 140mm max.FOV
Camera Pixel Size (um)=74.800
Camera X/Y Ratio=1.0030
[User]
User Name=Skyscan4
Computer Name=ANAMIC05
[Acquisition]
Data Directory=D:\Results\IEE Stickleback\PilotScans\F13_F3-07_14-15_stained_20230811\heads_15um_proj
Filename Prefix=F13_F3-07_14-15~00
Number Of Files= 1471
Number Of Rows= 1944
Number Of Columns= 3072
Filename Index Length=8
Partial Width=OFF
Image crop origin X=0
Image crop origin Y=0
Camera binning=1x1
Image Rotation=0.20000
Optical Axis (line)= 1003
Object to Source (mm)=62.881
Camera to Source (mm)=313.563
Source Voltage (kV)=  90
Source Current (uA)= 110
Source Target Power (W)=8.26
Image Pixel Size (um)=15.000176
Scaled Image Pixel Size (um)=15.000176
Image Format=TIFF
Depth (bits)=16
Reference Intensity=58000
Exposure (ms)=760
Rotation Step (deg)=0.150
Use 360 Rotation=NO
High Aspect Ratio=NO
Scanning position=11.573 mm
Frame Averaging=OFF (3)
Flat Field Correction=ON
FF updating interval=211
Random Movement=OFF (40)
Filter=Al 1mm
Gantry direction=CW
Rotation Direction=CW
Intrinsic CS rotation in degree=0.0
Type of Detector Motion=STEP AND SHOOT
Scanning Trajectory=ROUND
Source Filament Type=W
Source spot size=Large
Suggested HU - Calibration=180000
Number Of Horizontal Offset Positions=1
Study Date and Time=11 Aug 2023  11h:07m:07s
Estimated Scan duration=1h:16m:11s
Scan duration=1h:12m:0s
Maximum vertical TS=4.0
Maximum horizontal TS=3.0
TS modified at=August11,11:11:47 ---  1471 of 1471 projections
TS modified according to=D:\Results\IEE Stickleback\PilotScans\F13_F3-07_14-15_stained_20230811\heads_15um_proj\F13_F3-07_14-15~00_2DTransform.csv
TS modified at level=3
[Reconstruction]
Reconstruction Program=NRecon
Program Version=Version: 2.1.0.1
Program Home Directory=C:\SkyScan2214\SkyScan2214 User Software
Reconstruction engine=GPUReconServer
Engine version=Version: 2.1.0
Reconstruction from batch=Yes
Postalignment Applied=1
Postalignment=3.50
Reconstructed using oversize-option=No
Reconstruction servers= ANAMIC05 
Dataset Origin=SkyScan2214
Dataset Prefix=F13_F3-07_14-15~00
Dataset Directory=D:\Results\IEE Stickleback\PilotScans\F13_F3-07_14-15_stained_20230811\heads_15um_proj
Output Directory=D:\Results\IEE Stickleback\PilotScans\F13_F3-07_14-15_stained_20230811\heads_15um_rec
Time and Date=11 Aug 2023  12h:00m:12s
First Section=145
Last Section=1942
Reconstruction duration per slice (seconds)=0.205784
Total reconstruction time (1798 slices) in seconds=370.000000
Heel Effect Correction On=0
Section to Section Step=1
Sections Count=1798
Result File Type=PNG
Result File Header Length (bytes)=Unknown: compressed JPG format (100%)
Result Image Width (pixels)=3072
Result Image Height (pixels)=3072
Pixel Size (um)=15.00018
Reconstruction Angular Range (deg)=220.65
Use 180+=OFF
Angular Step (deg)=0.1500
Smoothing=0
Ring Artifact Correction=0
Draw Scales=OFF
Object Bigger than FOV=OFF
Reconstruction from ROI=OFF
Filter cutoff relative to Nyquist frequency=100
Filter type=0
Filter type description=Hamming (Alpha=0.54)
Undersampling factor=1
Threshold for defect pixel mask (%)=0
Beam Hardening Correction (%)=0
CS Static Rotation (deg)=0.00
CS Static Rotation Total(deg)=0.00
Minimum for CS to Image Conversion=0.000000
Maximum for CS to Image Conversion=0.073361
HU Calibration=OFF
BMP LUT=0
Cone-beam Angle Horiz.(deg)=40.246750
Cone-beam Angle Vert.(deg)=26.108887
[File name convention]
Filename Index Length=8
Filename Prefix=F13_F3-07_14-15_rec
