[System]
Scanner=SkyScan2214
Instrument S/N=20C18017
Software Version=1.8
Home Directory=C:\SkyScan2214\SkyScan2214 User Software
Source Type=Hamamatsu L10711
Camera Type=FlatPanel: 2...50um, 140mm max.FOV
Camera Pixel Size (um)=74.800
Camera X/Y Ratio=1.0030
[User]
User Name=Skyscan4
Computer Name=ANAMIC05
[Acquisition]
Data Directory=D:\Results\IEE Stickleback\PilotScans\F13_F3-07_14-15\whole_15um_proj
Filename Prefix=F13_F03-07_14-15~00
Number Of Files= 2205
Number Of Rows= 1944
Number Of Columns= 3072
Filename Index Length=8
Partial Width=OFF
Image crop origin X=0
Image crop origin Y=0
Camera binning=1x1
Image Rotation=0.20000
Optical Axis (line)= 1003
Object to Source (mm)=62.881
Camera to Source (mm)=313.563
Source Voltage (kV)=  60
Source Current (uA)= 177
Source Target Power (W)=5.12
Image Pixel Size (um)=15.000176
Scaled Image Pixel Size (um)=15.000176
Image Format=TIFF
Depth (bits)=16
Reference Intensity=58000
Exposure (ms)=785
Rotation Step (deg)=0.100
Use 360 Rotation=NO
High Aspect Ratio=NO
Scanning position=7.110 mm
Frame Averaging=OFF (3)
Flat Field Correction=ON
FF updating interval=315
Random Movement=OFF (40)
Filter=No Filter
Gantry direction=CW
Rotation Direction=CW
Intrinsic CS rotation in degree=0.0
Type of Detector Motion=STEP AND SHOOT
Scanning Trajectory=ROUND
Number of connected scans=4
Current scan number=1
Number of lines to be reconstructed=1356
Source Filament Type=W
Source spot size=Large
Suggested HU - Calibration=180000
Number Of Horizontal Offset Positions=1
Study Date and Time=18 Jul 2023  23h:13m:41s
Estimated Scan duration=8h:15m:16s
Scan duration=1h:49m:9s
Maximum vertical TS=5.0
[Reconstruction]
Reconstruction Program=NRecon
Program Version=Version: 2.1.0.1
Program Home Directory=C:\SkyScan2214\SkyScan2214 User Software
Reconstruction engine=GPUReconServer
Engine version=Version: 2.1.0
Reconstruction from batch=Yes
Postalignment Applied=1
Reconstructed using oversize-option=No
Connected Reconstruction (parts)=4
Oversize-option Bitmap=9
Sub-scan post alignment [0]=25.000000
Sub-scan post alignment [1]=14.500000
Sub-scan post alignment [2]=4.500000
Sub-scan post alignment [3]=-4.500000
Sub-scan scan length [0]=1355
Sub-scan scan length [1]=1356
Sub-scan scan length [2]=1357
Sub-scan scan length [3]=1356
Used extra rotation per scan(deg)= 0.000  0.000  0.049  0.049 
Used extra shift in X per scan(micron)= 0.000  7.668  2.736  -3.668 
Used extra shift in Y per scan(micron)= 0.000  -10.760  -39.900  -49.532 
Reconstruction servers= ANAMIC05 
Dataset Origin=SkyScan2214
Dataset Prefix=F13_F03-07_14-15~01
Dataset Directory=D:\Results\IEE Stickleback\PilotScans\F13_F3-07_14-15\whole_15um_proj
Output Directory=D:\Results\IEE Stickleback\PilotScans\F13_F3-07_14-15\whole_15um_rec_fish15
Time and Date=20 Jul 2023  08h:49m:47s
First Section=102
Last Section=2583
Reconstruction duration per slice (seconds)=0.784661
Total reconstruction time (1356 slices) in seconds=1064.000000
Heel Effect Correction On=0
Section to Section Step=1
Sections Count=2482
Result File Type=PNG
Result File Header Length (bytes)=Unknown: compressed JPG format (100%)
Result Image Width (pixels)=1056
Result Image Height (pixels)=1704
Pixel Size (um)=15.00018
Reconstruction Angular Range (deg)=220.50
Use 180+=OFF
Angular Step (deg)=0.1000
Smoothing=0
Ring Artifact Correction=0
Draw Scales=OFF
Object Bigger than FOV=OFF
Reconstruction from ROI=ON
ROI Top (pixels)=2170
ROI Bottom (pixels)=466
ROI Left (pixels)=1414
ROI Right (pixels)=2472
ROI reference length=3072
Filter cutoff relative to Nyquist frequency=100
Filter type=0
Filter type description=Hamming (Alpha=0.54)
Undersampling factor=1
Threshold for defect pixel mask (%)=0
Beam Hardening Correction (%)=0
CS Static Rotation (deg)=240.55
CS Static Rotation Total(deg)=240.55
Minimum for CS to Image Conversion=0.000000
Maximum for CS to Image Conversion=0.076562
HU Calibration=OFF
BMP LUT=0
Cone-beam Angle Horiz.(deg)=40.246750
Cone-beam Angle Vert.(deg)=26.108887
Sub-Scan 0 ends at slice=1660
Sub-Scan 1 ends at slice=3015
Sub-Scan 2 ends at slice=4372
Sub-Scan 3 ends at slice=5688
Automatic Matching In Z=50
Automatic Matching In X/Y=50
Automatic Matching In Rotation=5.000000
Automatic Fusion=1
Automatic Heel Effect Correction=0
[File name convention]
Filename Index Length=8
Filename Prefix=F13_F03-07_14-15_rec
