[System]
Scanner=SkyScan2214
Instrument S/N=20C18017
Software Version=1.8
Home Directory=C:\SkyScan2214\SkyScan2214 User Software
Source Type=Hamamatsu L10711
Camera Type=FlatPanel: 2...50um, 140mm max.FOV
Camera Pixel Size (um)=74.800
Camera X/Y Ratio=1.0050
[User]
User Name=Skyscan4
Computer Name=ANAMIC05
[Acquisition]
Data Directory=D:\Results\IEE Stickleback\BucketOfFish_F\proj
Filename Prefix=Sticklebucket_F~00
Number Of Files= 3601
Number Of Rows= 1944
Number Of Columns= 3066
Filename Index Length=8
Partial Width=OFF
Image crop origin X=0
Image crop origin Y=0
Camera binning=1x1
Image Rotation=0.18000
Optical Axis (line)= 1003
Object to Source (mm)=62.881
Camera to Source (mm)=313.563
Source Voltage (kV)=  60
Source Current (uA)= 110
Source Target Power (W)=2.91
Image Pixel Size (um)=15.000176
Scaled Image Pixel Size (um)=15.000176
Image Format=TIFF
Depth (bits)=16
Reference Intensity=58000
Exposure (ms)=1482
Rotation Step (deg)=0.100
Use 360 Rotation=YES
High Aspect Ratio=NO
Scanning position=30.180 mm
Frame Averaging=OFF (7)
Flat Field Correction=ON
FF updating interval=515
Random Movement=OFF (40)
Filter=No Filter
Gantry direction=CW
Rotation Direction=CW
Intrinsic CS rotation in degree=0.0
Type of Detector Motion=STEP AND SHOOT
Scanning Trajectory=ROUND
Number of connected scans=3
Current scan number=1
Number of lines to be reconstructed=1520
Source Filament Type=W
Source spot size=Large
Suggested HU - Calibration=180000
Number Of Horizontal Offset Positions=1
Study Date and Time=20 Dec 2023  16h:15m:55s
Estimated Scan duration=10h:54m:6s
Scan duration=4h:24m:38s
Maximum Vertical TS=5.0
Maximum Horizontal TS=0.0
[Reconstruction]
Reconstruction Program=NRecon
Program Version=Version: 2.2.0.6
Program Home Directory=C:\SkyScan2214\SkyScan2214 User Software
Reconstruction engine=GPUReconServer
Engine version=Version: 2.2.0
Reconstruction from batch=Yes
Postalignment Applied=1
Reconstructed using oversize-option=No
Connected Reconstruction (parts)=3
Oversize-option Bitmap=9
Sub-scan post alignment [0]=36.000000
Sub-scan post alignment [1]=11.000000
Sub-scan post alignment [2]=-12.500000
Sub-scan scan length [0]=1522
Sub-scan scan length [1]=1525
Sub-scan scan length [2]=1520
Reconstruction servers= ANAMIC05 
Export VGL=0
Dataset Origin=SkyScan2214
Dataset Prefix=Sticklebucket_F~02
Dataset Directory=D:\Results\IEE Stickleback\BucketOfFish_F\proj
Output Directory=D:\Results\IEE Stickleback\BucketOfFish_F\rec
Time and Date=21 Dec 2023  12h:20m:10s
First Section=344
Last Section=4982
Reconstruction duration per slice (seconds)=0.523951
Total reconstruction time (4697 slices) in seconds=2461.000000
Heel Effect Correction On=0
Section to Section Step=1
Sections Count=4639
Result File Type=PNG
Result File Header Length (bytes)=Unknown: compressed JPG format (100%)
Result Image Width (pixels)=3064
Result Image Height (pixels)=3064
Pixel Size (um)=15.00018
Reconstruction Angular Range (deg)=360.00
Use 180+=OFF
Angular Step (deg)=0.1000
Smoothing=0
Ring Artifact Correction=0
Draw Scales=OFF
Object Bigger than FOV=OFF
Reconstruction from ROI=OFF
Filter cutoff relative to Nyquist frequency=100
Filter type=0
Filter type description=Hamming (Alpha=0.54)
Undersampling factor=1
Threshold for defect pixel mask (%)=0
Beam Hardening Correction (%)=0
CS Static Rotation (deg)=-139.33
CS Static Rotation Total(deg)=-139.33
Minimum for CS to Image Conversion=0.000000
Maximum for CS to Image Conversion=0.048228
HU Calibration=OFF
BMP LUT=0
Cone-beam Angle Horiz.(deg)=40.174435
Cone-beam Angle Vert.(deg)=26.108887
Sub-Scan 0 ends at slice=1743
Sub-Scan 1 ends at slice=3266
Sub-Scan 2 ends at slice=4667
Automatic Matching In Z=50
Automatic Matching In X/Y=0
Automatic Matching In Rotation=0.000000
Automatic Fusion=1
Automatic Heel Effect Correction=0
[File name convention]
Filename Index Length=8
Filename Prefix=Sticklebucket_F_rec
