[System]
Scanner=SkyScan2214
Instrument S/N=20C18017
Software Version=1.8
Home Directory=C:\SkyScan2214\SkyScan2214 User Software
Source Type=Hamamatsu L10711
Camera Type=FlatPanel: 2...50um, 140mm max.FOV
Camera Pixel Size (um)=74.800
Camera X/Y Ratio=1.0030
[User]
User Name=Skyscan4
Computer Name=ANAMIC05
[Acquisition]
Data Directory=D:\Results\IEE Stickleback\PilotScans\F13_F3-07_14-15_stained_20230815\full_12um_proj
Filename Prefix=F13_F3-07_14-15~00
Number Of Files= 2205
Number Of Rows= 1944
Number Of Columns= 3072
Filename Index Length=8
Partial Width=OFF
Image crop origin X=0
Image crop origin Y=0
Camera binning=1x1
Image Rotation=0.20000
Optical Axis (line)= 1003
Object to Source (mm)=50.302
Camera to Source (mm)=313.563
Source Voltage (kV)=  90
Source Current (uA)= 110
Source Target Power (W)=8.31
Image Pixel Size (um)=11.999389
Scaled Image Pixel Size (um)=11.999389
Image Format=TIFF
Depth (bits)=16
Reference Intensity=58000
Exposure (ms)=996
Rotation Step (deg)=0.100
Use 360 Rotation=NO
High Aspect Ratio=NO
Scanning position=18.502 mm
Frame Averaging=OFF (3)
Flat Field Correction=ON
FF updating interval=315
Random Movement=OFF (40)
Filter=Al 1mm
Gantry direction=CW
Rotation Direction=CW
Intrinsic CS rotation in degree=0.0
Type of Detector Motion=STEP AND SHOOT
Scanning Trajectory=ROUND
Number of connected scans=4
Current scan number=1
Number of lines to be reconstructed=1540
Source Filament Type=W
Source spot size=Large
Suggested HU - Calibration=180000
Number Of Horizontal Offset Positions=1
Study Date and Time=15 Aug 2023  12h:18m:45s
Estimated Scan duration=8h:14m:20s
Scan duration=2h:5m:45s
Maximum vertical TS=5.0
[Reconstruction]
Reconstruction Program=NRecon
Program Version=Version: 2.1.0.1
Program Home Directory=C:\SkyScan2214\SkyScan2214 User Software
Reconstruction engine=GPUReconServer
Engine version=Version: 2.1.0
Reconstruction from batch=Yes
Postalignment Applied=1
Reconstructed using oversize-option=No
Connected Reconstruction (parts)=4
Oversize-option Bitmap=9
Sub-scan post alignment [0]=25.500000
Sub-scan post alignment [1]=18.500000
Sub-scan post alignment [2]=7.500000
Sub-scan post alignment [3]=-0.500000
Sub-scan scan length [0]=1539
Sub-scan scan length [1]=1541
Sub-scan scan length [2]=1543
Sub-scan scan length [3]=1540
Reconstruction servers= ANAMIC05 
Dataset Origin=SkyScan2214
Dataset Prefix=F13_F3-07_14-15~03
Dataset Directory=D:\Results\IEE Stickleback\PilotScans\F13_F3-07_14-15_stained_20230815\full_12um_proj
Output Directory=D:\Results\IEE Stickleback\PilotScans\F13_F3-07_14-15_stained_20230815\full_12um_rec
Time and Date=16 Aug 2023  10h:27m:37s
First Section=2
Last Section=6562
Reconstruction duration per slice (seconds)=0.379226
Total reconstruction time (6566 slices) in seconds=2490.000000
Heel Effect Correction On=0
Section to Section Step=1
Sections Count=6561
Result File Type=PNG
Result File Header Length (bytes)=Unknown: compressed JPG format (100%)
Result Image Width (pixels)=2964
Result Image Height (pixels)=2776
Pixel Size (um)=11.99939
Reconstruction Angular Range (deg)=220.50
Use 180+=OFF
Angular Step (deg)=0.1000
Smoothing=0
Ring Artifact Correction=0
Draw Scales=OFF
Object Bigger than FOV=OFF
Reconstruction from ROI=ON
ROI Top (pixels)=3028
ROI Bottom (pixels)=249
ROI Left (pixels)=7
ROI Right (pixels)=2973
ROI reference length=3072
Filter cutoff relative to Nyquist frequency=100
Filter type=0
Filter type description=Hamming (Alpha=0.54)
Undersampling factor=1
Threshold for defect pixel mask (%)=0
Beam Hardening Correction (%)=0
CS Static Rotation (deg)=0.00
CS Static Rotation Total(deg)=0.00
Minimum for CS to Image Conversion=0.000000
Maximum for CS to Image Conversion=0.071897
HU Calibration=OFF
BMP LUT=0
Cone-beam Angle Horiz.(deg)=40.246490
Cone-beam Angle Vert.(deg)=26.108711
Sub-Scan 0 ends at slice=1752
Sub-Scan 1 ends at slice=3292
Sub-Scan 2 ends at slice=4834
Sub-Scan 3 ends at slice=6243
Automatic Matching In Z=50
Automatic Matching In X/Y=0
Automatic Matching In Rotation=0.000000
Automatic Fusion=1
Automatic Heel Effect Correction=0
[File name convention]
Filename Index Length=8
Filename Prefix=F13_F3-07_14-15_rec
