[System]
Scanner=SkyScan2214
Instrument S/N=20C18017
Software Version=1.8
Home Directory=C:\SkyScan2214\SkyScan2214 User Software
Source Type=Hamamatsu L10711
Camera Type=FlatPanel: 2...50um, 140mm max.FOV
Camera Pixel Size (um)=74.800
Camera X/Y Ratio=1.0050
[User]
User Name=Skyscan4
Computer Name=ANAMIC05
[Acquisition]
Data Directory=D:\Results\IEE Stickleback\BucketOfFish_J\proj
Filename Prefix=Sticklebucket_J~00
Number Of Files= 3601
Number Of Rows= 1944
Number Of Columns= 3066
Filename Index Length=8
Partial Width=OFF
Image crop origin X=0
Image crop origin Y=0
Camera binning=1x1
Image Rotation=0.18000
Optical Axis (line)= 1003
Object to Source (mm)=67.072
Camera to Source (mm)=313.563
Source Voltage (kV)=  60
Source Current (uA)= 120
Source Target Power (W)=3.11
Image Pixel Size (um)=15.999933
Scaled Image Pixel Size (um)=15.999933
Image Format=TIFF
Depth (bits)=16
Reference Intensity=58000
Exposure (ms)=1350
Rotation Step (deg)=0.100
Use 360 Rotation=YES
High Aspect Ratio=NO
Scanning position=26.511 mm
Frame Averaging=OFF (7)
Flat Field Correction=ON
FF updating interval=515
Random Movement=OFF (40)
Filter=No Filter
Gantry direction=CW
Rotation Direction=CW
Intrinsic CS rotation in degree=0.0
Type of Detector Motion=STEP AND SHOOT
Scanning Trajectory=ROUND
Number of connected scans=3
Current scan number=1
Number of lines to be reconstructed=1514
Source Filament Type=W
Source spot size=Large
Suggested HU - Calibration=180000
Number Of Horizontal Offset Positions=1
Study Date and Time=01 Feb 2024  20h:35m:28s
Estimated Scan duration=10h:30m:21s
Scan duration=4h:9m:22s
Maximum Vertical TS=5.0
Maximum Horizontal TS=0.0
[Reconstruction]
Reconstruction Program=NRecon
Program Version=Version: 2.2.0.6
Program Home Directory=C:\SkyScan2214\SkyScan2214 User Software
Reconstruction engine=GPUReconServer
Engine version=Version: 2.2.0
Reconstruction from batch=Yes
Postalignment Applied=1
Reconstructed using oversize-option=No
Connected Reconstruction (parts)=3
Oversize-option Bitmap=9
Sub-scan post alignment [0]=35.500000
Sub-scan post alignment [1]=11.000000
Sub-scan post alignment [2]=-13.000000
Sub-scan scan length [0]=1518
Sub-scan scan length [1]=1520
Sub-scan scan length [2]=1514
Reconstruction servers= ANAMIC05 
Export VGL=0
Dataset Origin=SkyScan2214
Dataset Prefix=Sticklebucket_J~02
Dataset Directory=D:\Results\IEE Stickleback\BucketOfFish_J\proj
Output Directory=D:\Results\IEE Stickleback\BucketOfFish_J\proj
Time and Date=02 Feb 2024  16h:03m:38s
First Section=250
Last Section=4648
Reconstruction duration per slice (seconds)=0.685740
Total reconstruction time (4509 slices) in seconds=3092.000000
Heel Effect Correction On=0
Section to Section Step=1
Sections Count=4399
Result File Type=PNG
Result File Header Length (bytes)=Unknown: compressed JPG format (100%)
Result Image Width (pixels)=3064
Result Image Height (pixels)=3064
Pixel Size (um)=15.99993
Reconstruction Angular Range (deg)=360.00
Use 180+=OFF
Angular Step (deg)=0.1000
Smoothing=0
Ring Artifact Correction=0
Draw Scales=OFF
Object Bigger than FOV=OFF
Reconstruction from ROI=OFF
Filter cutoff relative to Nyquist frequency=100
Filter type=0
Filter type description=Hamming (Alpha=0.54)
Undersampling factor=1
Threshold for defect pixel mask (%)=0
Beam Hardening Correction (%)=0
CS Static Rotation (deg)=216.10
CS Static Rotation Total(deg)=216.10
Minimum for CS to Image Conversion=0.000000
Maximum for CS to Image Conversion=0.044723
HU Calibration=OFF
BMP LUT=0
Cone-beam Angle Horiz.(deg)=40.174431
Cone-beam Angle Vert.(deg)=26.108887
Sub-Scan 0 ends at slice=1741
Sub-Scan 1 ends at slice=3260
Sub-Scan 2 ends at slice=4658
Automatic Matching In Z=50
Automatic Matching In X/Y=0
Automatic Matching In Rotation=0.000000
Automatic Fusion=1
Automatic Heel Effect Correction=0
[File name convention]
Filename Index Length=8
Filename Prefix=Sticklebucket_J_rec
